GEM
  remote: https://rubygems.org/
  specs:
    erubis (2.7.0)
    json_schema (0.12.1)
    prmd (0.11.4)
      erubis (~> 2.7)
      json_schema (~> 0.3, >= 0.3.1)
    redcarpet (3.3.4)
    systemu (2.6.5)

PLATFORMS
  ruby

DEPENDENCIES
  prmd
  redcarpet
  systemu

BUNDLED WITH
   1.10.6
